GEM
  remote: http://rubygems.org/
  specs:
    byebug (9.1.0)
    minitest (5.10.3)
    minitest-color (0.0.2)
      minitest (~> 5)
    minitest-emoji (2.0.0)

PLATFORMS
  ruby

DEPENDENCIES
  byebug
  minitest
  minitest-color
  minitest-emoji

BUNDLED WITH
   1.15.1
